GEM
  remote: https://rubygems.org/
  specs:
    nio4r (2.7.3)
    puma (6.4.2)
      nio4r (~> 2.0)
    rack (3.1.3)
    roda (3.81.0)
      rack

PLATFORMS
  aarch64-linux
  arm-linux
  arm64-darwin
  x86-linux
  x86_64-darwin
  x86_64-linux

DEPENDENCIES
  puma
  roda

RUBY VERSION
   ruby 3.3.3p89

BUNDLED WITH
   2.5.11
